GEM
  remote: https://rubygems.org/
  specs:
    addressable (2.4.0)
    daemons (1.2.3)
    domain_name (0.5.20160310)
      unf (>= 0.0.5, < 1.0.0)
    eventmachine (1.2.0.1)
    ffi (1.9.10)
    http (2.0.0)
      addressable (~> 2.3)
      http-cookie (~> 1.0)
      http-form_data (~> 1.0.1)
      http_parser.rb (~> 0.6.0)
    http-cookie (1.0.2)
      domain_name (~> 0.5)
    http-form_data (1.0.1)
    http_parser.rb (0.6.0)
    listen (3.1.1)
      rb-fsevent (>= 0.9.3)
      rb-inotify (>= 0.9.7)
    rack (1.6.4)
    rack-protection (1.5.3)
      rack
    rb-fsevent (0.9.7)
    rb-inotify (0.9.7)
      ffi (>= 0.5.0)
    rerun (0.11.0)
      listen (~> 3.0)
    sinatra (1.4.7)
      rack (~> 1.5)
      rack-protection (~> 1.4)
      tilt (>= 1.3, < 3)
    slim (3.0.6)
      temple (~> 0.7.3)
      tilt (>= 1.3.3, < 2.1)
    temple (0.7.6)
    thin (1.6.4)
      daemons (~> 1.0, >= 1.0.9)
      eventmachine (~> 1.0, >= 1.0.4)
      rack (~> 1.0)
    tilt (2.0.2)
    unf (0.1.4)
      unf_ext
    unf_ext (0.0.7.2)

PLATFORMS
  ruby

DEPENDENCIES
  http
  rerun
  sinatra
  slim
  thin

BUNDLED WITH
   1.11.2
